GIT
  remote: git://github.com/opscode/omnibus-software.git
  revision: 24fd7e906b7ae3309e02b1280baa9e7421830e3a
  specs:
    omnibus-software (4.0.0)
      chef-sugar (>= 3.4.0)
      omnibus (>= 5.5.0)

GEM
  remote: https://rubygems.org/
  specs:
    addressable (2.8.0)
      public_suffix (>= 2.0.2, < 5.0)
    artifactory (2.3.3)
    aws-sdk (2.5.7)
      aws-sdk-resources (= 2.5.7)
    aws-sdk-core (2.5.7)
      jmespath (~> 1.0)
    aws-sdk-resources (2.5.7)
      aws-sdk-core (= 2.5.7)
    berkshelf (4.3.5)
      addressable (~> 2.3, >= 2.3.4)
      berkshelf-api-client (~> 2.0, >= 2.0.2)
      buff-config (~> 1.0)
      buff-extensions (~> 1.0)
      buff-shell_out (~> 0.1)
      celluloid (= 0.16.0)
      celluloid-io (~> 0.16.1)
      cleanroom (~> 1.0)
      faraday (~> 0.9)
      httpclient (~> 2.7)
      minitar (~> 0.5, >= 0.5.4)
      mixlib-archive (~> 0.1)
      octokit (~> 4.0)
      retryable (~> 2.0)
      ridley (~> 4.5)
      solve (~> 2.0)
      thor (~> 0.19)
    berkshelf-api-client (2.0.2)
      faraday (~> 0.9.1)
      httpclient (~> 2.7.0)
      ridley (~> 4.5)
    buff-config (1.0.1)
      buff-extensions (~> 1.0)
      varia_model (~> 0.4)
    buff-extensions (1.0.0)
    buff-ignore (1.1.1)
    buff-ruby_engine (0.1.0)
    buff-shell_out (0.2.0)
      buff-ruby_engine (~> 0.1.0)
    celluloid (0.16.0)
      timers (~> 4.0.0)
    celluloid-io (0.16.2)
      celluloid (>= 0.16.0)
      nio4r (>= 1.1.0)
    chef-config (12.22.5)
      addressable
      fuzzyurl
      mixlib-config (~> 2.0)
      mixlib-shellout (~> 2.0)
    chef-sugar (3.4.0)
    cleanroom (1.0.0)
    diff-lcs (1.2.5)
    erubis (2.7.0)
    faraday (0.9.2)
      multipart-post (>= 1.2, < 3)
    ffi (1.15.3)
    ffi-yajl (2.3.0)
      libyajl2 (~> 1.2)
    fuzzyurl (0.9.0)
    hashie (3.6.0)
    hitimes (2.0.0)
    httpclient (2.7.2)
    ipaddress (0.8.3)
    jmespath (1.3.1)
    json (2.5.1)
    kitchen-vagrant (0.20.0)
      test-kitchen (~> 1.4)
    libyajl2 (1.2.0)
    license_scout (0.1.0)
      ffi-yajl (~> 2.2)
      mixlib-shellout (~> 2.2)
    minitar (0.9)
    mixlib-archive (0.4.20)
      mixlib-log
    mixlib-authentication (3.0.10)
    mixlib-cli (1.7.0)
    mixlib-config (2.2.18)
      tomlrb
    mixlib-install (1.1.0)
      artifactory
      mixlib-shellout
      mixlib-versioning
    mixlib-log (1.7.1)
    mixlib-shellout (2.4.4)
    mixlib-versioning (1.1.0)
    molinillo (0.4.5)
    multi_json (1.12.1)
    multipart-post (2.1.1)
    net-scp (1.2.1)
      net-ssh (>= 2.6.5)
    net-ssh (3.2.0)
    net-ssh-gateway (1.2.0)
      net-ssh (>= 2.6.5)
    net-telnet (0.1.1)
    nio4r (2.5.7)
    octokit (4.21.0)
      faraday (>= 0.9)
      sawyer (~> 0.8.0, >= 0.5.3)
    ohai (8.19.2)
      chef-config (>= 12.5.0.alpha.1, < 13)
      ffi (~> 1.9)
      ffi-yajl (~> 2.2)
      ipaddress
      mixlib-cli
      mixlib-config (~> 2.0)
      mixlib-log (>= 1.7.1, < 2.0)
      mixlib-shellout (~> 2.0)
      plist (~> 3.1)
      systemu (~> 2.6.4)
      wmi-lite (~> 1.0)
    omnibus (5.5.0)
      aws-sdk (~> 2)
      chef-sugar (~> 3.3)
      cleanroom (~> 1.0)
      ffi-yajl (~> 2.2)
      license_scout
      mixlib-shellout (~> 2.0)
      mixlib-versioning
      ohai (~> 8.0)
      ruby-progressbar (~> 1.7)
      thor (~> 0.18)
    open_uri_redirections (0.2.1)
    plist (3.2.0)
    public_suffix (4.0.6)
    rake (10.1.1)
    retryable (2.0.4)
    ridley (4.6.1)
      addressable
      buff-config (~> 1.0)
      buff-extensions (~> 1.0)
      buff-ignore (~> 1.1.1)
      buff-shell_out (~> 0.1)
      celluloid (~> 0.16.0)
      celluloid-io (~> 0.16.1)
      chef-config (>= 12.5.0)
      erubis
      faraday (~> 0.9.0)
      hashie (>= 2.0.2, < 4.0.0)
      httpclient (~> 2.7)
      json (>= 1.7.7)
      mixlib-authentication (>= 1.3.0)
      retryable (~> 2.0)
      semverse (~> 1.1)
      varia_model (~> 0.4.0)
    rspec (3.5.0)
      rspec-core (~> 3.5.0)
      rspec-expectations (~> 3.5.0)
      rspec-mocks (~> 3.5.0)
    rspec-core (3.5.2)
      rspec-support (~> 3.5.0)
    rspec-expectations (3.5.0)
      diff-lcs (>= 1.2.0, < 2.0)
      rspec-support (~> 3.5.0)
    rspec-its (1.2.0)
      rspec-core (>= 3.0.0)
      rspec-expectations (>= 3.0.0)
    rspec-mocks (3.5.0)
      diff-lcs (>= 1.2.0, < 2.0)
      rspec-support (~> 3.5.0)
    rspec-support (3.5.0)
    ruby-progressbar (1.8.1)
    safe_yaml (1.0.4)
    sawyer (0.8.2)
      addressable (>= 2.3.5)
      faraday (> 0.8, < 2.0)
    semverse (1.2.1)
    serverspec (2.18.0)
      multi_json
      rspec (~> 3.0)
      rspec-its
      specinfra (~> 2.35)
    sfl (2.2)
    solve (2.0.3)
      molinillo (~> 0.4.2)
      semverse (~> 1.1)
    specinfra (2.61.3)
      net-scp
      net-ssh (>= 2.7, < 4.0)
      net-telnet
      sfl
    systemu (2.6.5)
    test-kitchen (1.11.1)
      mixlib-install (~> 1.0, >= 1.0.4)
      mixlib-shellout (>= 1.2, < 3.0)
      net-scp (~> 1.1)
      net-ssh (>= 2.9, < 4.0)
      net-ssh-gateway (~> 1.2.0)
      safe_yaml (~> 1.0)
      thor (~> 0.18)
    thor (0.20.3)
    timers (4.0.4)
      hitimes
    tomlrb (2.0.1)
    varia_model (0.4.1)
      buff-extensions (~> 1.0)
      hashie (>= 2.0.2, < 4.0.0)
    wmi-lite (1.0.0)

PLATFORMS
  ruby

DEPENDENCIES
  berkshelf (~> 4.2, >= 4.2.3)
  kitchen-vagrant (~> 0.14)
  omnibus (= 5.5)
  omnibus-software!
  open_uri_redirections (= 0.2.1)
  rake (~> 10.1.0)
  serverspec (~> 2.18.0)
  test-kitchen (~> 1.2)

BUNDLED WITH
   1.17.3
